GEM
  remote: https://rubygems.org/
  specs:
    metaclass (0.0.1)
    mocha (0.13.1)
      metaclass (~> 0.0.1)

PLATFORMS
  ruby

DEPENDENCIES
  mocha
